GEM
  remote: https://rubygems.org/
  specs:
    childprocess (3.0.0)
    cloud_events (0.7.0)
    functions_framework (1.4.1)
      cloud_events (>= 0.7.0, < 2.a)
      puma (>= 4.3.0, < 7.a)
      rack (>= 2.1, < 4.a)
    nio4r (2.5.9)
    puma (6.3.1)
      nio4r (~> 2.0)
    rack (3.0.8)
    rubyzip (2.3.2)
    selenium-webdriver (3.142.7)
      childprocess (>= 0.5, < 4.0)
      rubyzip (>= 1.2.2)

PLATFORMS
  aarch64-linux

DEPENDENCIES
  functions_framework (~> 1.0)
  selenium-webdriver (= 3.142.7)

BUNDLED WITH
   2.4.10
